GEM
  remote: https://rubygems.org/
  specs:
    dotenv (2.5.0)
    ffi (1.9.18)
    mqtt (0.4.0)
    rubyserial (0.4.0)
      ffi (~> 1.9, >= 1.9.3)

PLATFORMS
  ruby

DEPENDENCIES
  dotenv
  mqtt (~> 0.4.0)
  rubyserial (~> 0.4.0)

BUNDLED WITH
   1.16.3
