GEM
  remote: https://rubygems.org/
  specs:
    ffi (1.9.18)
    rubyserial (0.4.0)
      ffi (~> 1.9, >= 1.9.3)

PLATFORMS
  ruby

DEPENDENCIES
  rubyserial

BUNDLED WITH
   1.15.1
